GEM
  remote: https://gems.ruby-china.org/
  specs:
    fakeweb (1.3.0)
    metaclass (0.0.4)
    mocha (1.1.0)
      metaclass (~> 0.0.1)

PLATFORMS
  ruby

DEPENDENCIES
  fakeweb (~> 1.3)
  mocha

BUNDLED WITH
   1.11.2
